PATH
  remote: .
  specs:
    basis-band (0.0.3)
      json

GEM
  remote: https://rubygems.org/
  specs:
    json (1.8.0)

PLATFORMS
  ruby

DEPENDENCIES
  basis-band!
